GEM
  remote: https://rubygems.org/
  specs:
    base64 (0.2.0)
    fiddle (1.1.5)
    zeitwerk (2.7.1)

PLATFORMS
  ruby
  x86_64-linux

DEPENDENCIES
  base64 (~> 0.2.0)
  fiddle (~> 1.1)
  zeitwerk (~> 2.0)

BUNDLED WITH
   2.5.21
