GEM
  remote: https://rubygems.org/
  specs:
    zeitwerk (2.7.1)

PLATFORMS
  ruby
  x86_64-linux

DEPENDENCIES
  zeitwerk (~> 2.0)

BUNDLED WITH
   2.5.21
